GEM
  remote: https://rubygems.org/
  specs:
    nokogiri (1.13.10-x86_64-darwin)
      racc (~> 1.4)
    racc (1.6.1)
    unicode-emoji (3.3.1)
      unicode-version (~> 1.0)
    unicode-version (1.2.0)

PLATFORMS
  x86_64-darwin-21

DEPENDENCIES
  nokogiri
  unicode-emoji

BUNDLED WITH
   2.3.26
