GEM
  remote: https://rubygems.org/
  specs:
    nokogiri (1.13.9-x86_64-linux)
      racc (~> 1.4)
    racc (1.6.0)
    unicode-emoji (3.3.1)
      unicode-version (~> 1.0)
    unicode-version (1.2.0)

PLATFORMS
  x86_64-linux

DEPENDENCIES
  nokogiri
  unicode-emoji

BUNDLED WITH
   2.3.14
